GEM
  remote: https://rubygems.org/
  specs:
    haar_joke (0.0.2)

PLATFORMS
  ruby

DEPENDENCIES
  haar_joke (~> 0.0.2)

BUNDLED WITH
   1.16.2
